RESTRICTION: == net6.0
NUGET
  remote: https://api.nuget.org/v3/index.json
    Avalonia (11.0.0-preview5)
      Avalonia.Remote.Protocol (>= 11.0.0-preview5)
      MicroCom.Runtime (>= 0.11)
      System.ComponentModel.Annotations (>= 4.5)
    Avalonia.Angle.Windows.Natives (2.1.0.2023020321)
    Avalonia.Desktop (11.0.0-preview5)
      Avalonia (>= 11.0.0-preview5)
      Avalonia.Native (>= 11.0.0-preview5)
      Avalonia.Skia (>= 11.0.0-preview5)
      Avalonia.Win32 (>= 11.0.0-preview5)
      Avalonia.X11 (>= 11.0.0-preview5)
    Avalonia.FreeDesktop (11.0.0-preview5)
      Avalonia (>= 11.0.0-preview5)
      Tmds.DBus (>= 0.9)
    Avalonia.FuncUI (0.6.0-preview9)
      Avalonia (>= 11.0.0-preview5)
      FSharp.Core (>= 7.0.200)
    Avalonia.Native (11.0.0-preview5)
      Avalonia (>= 11.0.0-preview5)
    Avalonia.Remote.Protocol (11.0.0-preview5)
    Avalonia.Skia (11.0.0-preview5)
      Avalonia (>= 11.0.0-preview5)
      HarfBuzzSharp (>= 2.8.2.1-preview.108)
      HarfBuzzSharp.NativeAssets.Linux (>= 2.8.2.1-preview.108)
      HarfBuzzSharp.NativeAssets.WebAssembly (>= 2.8.2.1-preview.108)
      SkiaSharp (>= 2.88.1)
      SkiaSharp.NativeAssets.Linux (>= 2.88.1)
      SkiaSharp.NativeAssets.WebAssembly (>= 2.88.1)
    Avalonia.Themes.Fluent (11.0.0-preview5)
      Avalonia (>= 11.0.0-preview5)
    Avalonia.Win32 (11.0.0-preview5)
      Avalonia (>= 11.0.0-preview5)
      Avalonia.Angle.Windows.Natives (>= 2.1.0.2020091801)
      System.Drawing.Common (>= 6.0)
      System.Numerics.Vectors (>= 4.5)
    Avalonia.X11 (11.0.0-preview5)
      Avalonia (>= 11.0.0-preview5)
      Avalonia.FreeDesktop (>= 11.0.0-preview5)
      Avalonia.Skia (>= 11.0.0-preview5)
    Expecto (9.0.4)
      FSharp.Core (>= 4.6)
      Mono.Cecil (>= 0.11.3)
    FSharp.Core (7.0.200)
    FSharp.Data (5.0.2)
      FSharp.Core (>= 5.0.1)
    FSharp.SystemTextJson (1.1.23)
      FSharp.Core (>= 4.7)
      System.Text.Json (>= 6.0)
    HarfBuzzSharp (2.8.2.3)
      HarfBuzzSharp.NativeAssets.macOS (>= 2.8.2.3)
      HarfBuzzSharp.NativeAssets.Win32 (>= 2.8.2.3)
    HarfBuzzSharp.NativeAssets.Linux (2.8.2.3)
      HarfBuzzSharp (>= 2.8.2.3)
    HarfBuzzSharp.NativeAssets.macOS (2.8.2.3)
    HarfBuzzSharp.NativeAssets.WebAssembly (2.8.2.3)
    HarfBuzzSharp.NativeAssets.Win32 (2.8.2.3)
    MicroCom.Runtime (0.11)
    Microsoft.Win32.SystemEvents (7.0)
    Mono.Cecil (0.11.4)
    SkiaSharp (2.88.3)
      SkiaSharp.NativeAssets.macOS (>= 2.88.3)
      SkiaSharp.NativeAssets.Win32 (>= 2.88.3)
    SkiaSharp.NativeAssets.Linux (2.88.3)
      SkiaSharp (>= 2.88.3)
    SkiaSharp.NativeAssets.macOS (2.88.3)
    SkiaSharp.NativeAssets.WebAssembly (2.88.3)
    SkiaSharp.NativeAssets.Win32 (2.88.3)
    System.ComponentModel.Annotations (5.0)
    System.Drawing.Common (7.0)
      Microsoft.Win32.SystemEvents (>= 7.0)
    System.Numerics.Vectors (4.5)
    System.Runtime.CompilerServices.Unsafe (6.0)
    System.Text.Encodings.Web (7.0)
      System.Runtime.CompilerServices.Unsafe (>= 6.0)
    System.Text.Json (7.0.2)
      System.Runtime.CompilerServices.Unsafe (>= 6.0)
      System.Text.Encodings.Web (>= 7.0)
    Tmds.DBus (0.14)
